GEM
  remote: https://rubygems.org/
  specs:
    facter (2.5.0)
    fast_gettext (1.1.0)
    gettext (3.2.4)
      locale (>= 2.0.5)
      text (>= 1.3.0)
    gettext-setup (0.26)
      fast_gettext (~> 1.1.0)
      gettext (>= 3.0.2)
      locale
    hiera (3.4.0)
    json_pure (1.8.6)
    locale (2.1.2)
    puppet (4.10.6)
      facter (> 2.0, < 4)
      gettext-setup (>= 0.10, < 1)
      hiera (>= 2.0, < 4)
      json_pure (~> 1.8)
      locale (~> 2.1)
    text (1.3.1)

PLATFORMS
  ruby

DEPENDENCIES
  puppet (~> 4.10.0)

BUNDLED WITH
   1.15.3
