GEM
  remote: https://rubygems.org/
  specs:
    CFPropertyList (2.2.8)
    facter (2.4.4)
      CFPropertyList (~> 2.2.6)
    hiera (2.0.0)
      json_pure
    json_pure (1.8.2)
    puppet (4.2.0)
      facter (> 2.0, < 4)
      hiera (>= 2.0, < 3)
      json_pure

PLATFORMS
  ruby

DEPENDENCIES
  puppet (~> 4.2.0)

BUNDLED WITH
   1.10.5
