GEM
  remote: https://rubygems.org/
  specs:
    facter (1.7.1)
    hiera (1.2.1)
      json_pure
    json_pure (1.8.0)
    puppet (3.2.1)
      facter (~> 1.6)
      hiera (~> 1.0)
      rgen (~> 0.6)
    rgen (0.6.2)

PLATFORMS
  ruby

DEPENDENCIES
  puppet
