GEM
  remote: https://rubygems.org/
  specs:
    facter (2.5.1)
    hiera (1.3.4)
      json_pure
    json_pure (1.8.6)
    puppet (3.8.7)
      facter (> 1.6, < 3)
      hiera (~> 1.0)
      json_pure

PLATFORMS
  ruby

DEPENDENCIES
  json_pure (~> 1.8.6)
  puppet (~> 3.8.0)

BUNDLED WITH
   1.15.4
